##TITLE= Parameter file, TOPSPIN		Version 3.2
##JCAMPDX= 5.0
##DATATYPE= Parameter Values
##NPOINTS= 10	$$ modification sequence number
##ORIGIN= UXNMR, Bruker Analytische Messtechnik GmbH
##OWNER= root
$$ 2015-09-07 10:13:13.419 +0200  nmrsu@CZC5064J6S
$$ C:/NMRUserData/RyanBarnes/150907_CheYPep_T71C_NaPi_RT_ODNP/1/pdata/999/proc
$$ process C:\Bruker\TopSpin3.2\prog\au\bin\paropt.exe
##$ABSF1= 10
##$ABSF2= 0
##$ABSG= 5
##$ABSL= 3
##$ALPHA= 0
##$AQORDER= 0
##$ASSFAC= 0
##$ASSFACI= 0
##$ASSFACX= 0
##$ASSWID= 0
##$AUNMP= <proc_1d>
##$AXLEFT= 0
##$AXRIGHT= 0
##$AXTYPE= 0
##$AXUNIT= <>
##$AZFE= 0.1
##$AZFW= 0.1
##$BCFW= 1
##$BC_mod= 2
##$BYTORDP= 0
##$COROFFS= 0
##$CY= 15
##$DATMOD= 0
##$DC= 2
##$DFILT= <>
##$DTYPP= 0
##$F1P= 175.174038306104
##$F2P= -120.675448610872
##$FCOR= 0.5
##$FTSIZE= 16384
##$FT_mod= 4
##$GAMMA= 1
##$GB= 0
##$INTBC= 1
##$INTSCL= 1
##$ISEN= 128
##$LB= 0.3
##$LEV0= 0
##$LPBIN= 0
##$MAXI= 45.75014
##$MC2= 0
##$MEAN= 0
##$ME_mod= 0
##$MI= 0
##$NCOEF= 0
##$NC_proc= 0
##$NLEV= 6
##$NOISF1= -66.58897
##$NOISF2= -176.8245
##$NSP= 1
##$NTH_PF= 0
##$NTH_PI= 0
##$NZP= 0
##$OFFSET= 2534.157
##$PC= 1
##$PHC0= 1.712769
##$PHC1= -2.495834
##$PH_mod= 0
##$PKNL= yes
##$PPARMOD= 0
##$PPDIAG= 0
##$PPIPTYP= 0
##$PPMPNUM= 100
##$PPRESOL= 1
##$PSCAL= 0
##$PSIGN= 0
##$REVERSE= no
##$SF= 14.83490771
##$SI= 4760
##$SIGF1= 11.19142
##$SIGF2= -11.19142
##$SINO= 400
##$SIOLD= 4760
##$SREGLST= <1H.CDCl3>
##$SSB= 0
##$STSI= 0
##$STSR= 0
##$SW_p= 75187.969924812
##$SYMM= 0
##$S_DEV= 0
##$T1D= 5
##$TDeff= 0
##$TDoff= 0
##$TI= <>
##$TILT= no
##$TM1= 0
##$TM2= 0
##$TOPLEV= 0
##$USERP1= <user>
##$USERP2= <user>
##$USERP3= <user>
##$USERP4= <user>
##$USERP5= <user>
##$WDW= 1
##$XDIM= 8192
##$YMAX_p= 0
##$YMIN_p= 0
##END=
